GIT
  remote: git://github.com/jsonapi-rb/jsonapi-hanami.git
  revision: 80c6d0204a464e8c1eed24752fcf809cd1301a97
  specs:
    jsonapi-hanami (0.1.2)
      jsonapi-rb (~> 0.1.1)
      jsonapi-renderer (~> 0.1.0)
      jsonapi-serializable (~> 0.1.3)

GEM
  remote: https://rubygems.org/
  specs:
    activesupport (5.2.0)
      concurrent-ruby (~> 1.0, >= 1.0.2)
      i18n (>= 0.7, < 2)
      minitest (~> 5.1)
      tzinfo (~> 1.1)
    bcrypt (3.1.11)
    byebug (10.0.2)
    concurrent-ruby (1.0.5)
    dotenv (2.4.0)
    dry-configurable (0.7.0)
      concurrent-ruby (~> 1.0)
    dry-container (0.6.0)
      concurrent-ruby (~> 1.0)
      dry-configurable (~> 0.1, >= 0.1.3)
    dry-core (0.4.5)
      concurrent-ruby (~> 1.0)
    dry-equalizer (0.2.1)
    dry-initializer (1.4.1)
    dry-logic (0.4.2)
      dry-container (~> 0.2, >= 0.2.6)
      dry-core (~> 0.2)
      dry-equalizer (~> 0.2)
    dry-struct (0.3.1)
      dry-configurable (~> 0.1)
      dry-core (~> 0.3)
      dry-equalizer (~> 0.2)
      dry-types (~> 0.9, >= 0.9.0)
      ice_nine (~> 0.11)
    dry-types (0.11.1)
      concurrent-ruby (~> 1.0)
      dry-configurable (~> 0.1)
      dry-container (~> 0.3)
      dry-core (~> 0.2, >= 0.2.1)
      dry-equalizer (~> 0.2)
      dry-logic (~> 0.4, >= 0.4.0)
      inflecto (~> 0.0.0, >= 0.0.2)
    dry-validation (0.11.0)
      concurrent-ruby (~> 1.0)
      dry-configurable (~> 0.1, >= 0.1.3)
      dry-core (~> 0.2, >= 0.2.1)
      dry-equalizer (~> 0.2)
      dry-logic (~> 0.4, >= 0.4.0)
      dry-types (~> 0.11.0)
    factory_bot (4.8.2)
      activesupport (>= 3.0.0)
    faker (1.8.7)
      i18n (>= 0.7)
    hanami (1.2.0)
      bundler
      concurrent-ruby (~> 1.0)
      hanami-assets (~> 1.2)
      hanami-cli (~> 0.2)
      hanami-controller (~> 1.2)
      hanami-helpers (~> 1.2)
      hanami-mailer (~> 1.2)
      hanami-router (~> 1.2)
      hanami-utils (~> 1.2)
      hanami-validations (~> 1.2)
      hanami-view (~> 1.2)
    hanami-assets (1.2.0)
      hanami-helpers (~> 1.2)
      hanami-utils (~> 1.2)
      tilt (~> 2.0, >= 2.0.2)
    hanami-cli (0.2.0)
      concurrent-ruby (~> 1.0)
      hanami-utils (~> 1.2)
    hanami-controller (1.2.0)
      hanami-utils (~> 1.2)
      rack (~> 2.0)
    hanami-helpers (1.2.0)
      hanami-utils (~> 1.2)
    hanami-mailer (1.2.0)
      hanami-utils (~> 1.2)
      mail (~> 2.6)
      tilt (~> 2.0, >= 2.0.1)
    hanami-model (1.2.0)
      concurrent-ruby (~> 1.0)
      dry-types (~> 0.11.0)
      hanami-utils (~> 1.2)
      rom (~> 3.3, >= 3.3.3)
      rom-repository (~> 1.4)
      rom-sql (~> 1.3, >= 1.3.5)
    hanami-router (1.2.0)
      hanami-utils (~> 1.2)
      http_router (= 0.11.2)
      rack (~> 2.0)
    hanami-utils (1.2.0)
      concurrent-ruby (~> 1.0)
      transproc (~> 1.0)
    hanami-validations (1.2.0)
      dry-validation (~> 0.11)
      hanami-utils (~> 1.2)
    hanami-view (1.2.0)
      hanami-utils (~> 1.2)
      tilt (~> 2.0, >= 2.0.1)
    http_router (0.11.2)
      rack (>= 1.0.0)
      url_mount (~> 0.2.1)
    i18n (1.0.1)
      concurrent-ruby (~> 1.0)
    ice_nine (0.11.2)
    inflecto (0.0.2)
    jsonapi-deserializable (0.2.0)
    jsonapi-rb (0.1.2)
      jsonapi-deserializable (~> 0.1)
      jsonapi-serializable (~> 0.1)
    jsonapi-renderer (0.1.3)
    jsonapi-serializable (0.1.3)
      jsonapi-renderer (~> 0.1)
    jwt (2.1.0)
    mail (2.7.0)
      mini_mime (>= 0.1.1)
    mini_mime (1.0.0)
    minitest (5.11.3)
    pg (1.0.0)
    puma (3.11.3)
    rack (2.0.5)
    rake (12.3.1)
    rom (3.3.3)
      concurrent-ruby (~> 1.0)
      dry-core (~> 0.3)
      dry-equalizer (~> 0.2)
      dry-initializer (~> 1.3)
      dry-types (~> 0.9, >= 0.9.4)
      rom-mapper (~> 0.5, >= 0.5.1)
    rom-mapper (0.5.1)
      dry-core (~> 0.2, >= 0.2.3)
      dry-equalizer (~> 0.2)
      transproc (~> 1.0)
    rom-repository (1.4.0)
      dry-core (~> 0.3, >= 0.3.1)
      dry-struct (~> 0.3)
      rom (~> 3.3)
      rom-mapper (~> 0.5)
    rom-sql (1.3.5)
      dry-core (~> 0.3)
      dry-equalizer (~> 0.2)
      dry-types (~> 0.11.0)
      rom (~> 3.2, >= 3.2.2)
      sequel (~> 4.43)
    sequel (4.49.0)
    shotgun (0.9.2)
      rack (>= 1.0)
    thread_safe (0.3.6)
    tilt (2.0.8)
    transproc (1.0.2)
    tzinfo (1.2.5)
      thread_safe (~> 0.1)
    url_mount (0.2.1)
      rack
    warden (1.2.7)
      rack (>= 1.0)

PLATFORMS
  ruby

DEPENDENCIES
  bcrypt
  byebug
  dotenv (~> 2.0)
  factory_bot
  faker
  hanami (~> 1.2)
  hanami-model (~> 1.2)
  jsonapi-hanami!
  jwt
  minitest
  pg
  puma
  rake
  shotgun
  transproc
  warden

BUNDLED WITH
   1.16.1
